GEM
  remote: http://rubygems.org/
  specs:
    test-unit (2.1.1)

PLATFORMS
  ruby

DEPENDENCIES
  test-unit
